GEM
  remote: https://rubygems.org/
  specs:
    beefcake (0.3.7)
    blankslate (2.1.2.4)
    bouncy-castle-java (1.5.0146.1)
    builder (3.0.0)
    celluloid (0.11.1)
      timers (>= 1.0.0)
    excon (0.15.5)
    i18n (0.6.0)
    jruby-lint (0.3.1)
      jruby-openssl
      nokogiri (>= 1.5.0.beta.4)
      term-ansicolor
    jruby-openssl (0.7.7)
      bouncy-castle-java (>= 1.5.0146.1)
    multi_json (1.3.6)
    nokogiri (1.5.6.rc1-java)
    parslet (1.4.0)
      blankslate (~> 2.0)
    redis (3.0.1)
    riak-client (1.0.4)
      beefcake (~> 0.3.7)
      builder (>= 2.1.2)
      i18n (>= 0.4.0)
      multi_json (~> 1.0)
    term-ansicolor (1.0.7)
    timers (1.0.1)

PLATFORMS
  java

DEPENDENCIES
  celluloid (= 0.11.1)
  excon (~> 0.15.5)
  jruby-lint (>= 0.3.1)
  parslet (~> 1.4.0)
  redis (~> 3.0.1)
  riak-client (~> 1.0.4)
